GEM
  remote: https://rubygems.org/
  specs:
    mini_portile (0.5.1)
    nokogiri (1.6.0-x86-mingw32)
      mini_portile (~> 0.5.0)
    rack (1.5.2)
    sinatra (1.1.0)
      rack (~> 1.1)
      tilt (~> 1.1)
    tilt (1.4.1)

PLATFORMS
  x86-mingw32

DEPENDENCIES
  nokogiri (= 1.6.0)
  sinatra (= 1.1.0)
